PATH
  remote: .
  specs:
    data_provider (0.1.0)

GEM
  remote: https://rubygems.org/
  specs:
    minitest (5.11.3)
    rake (10.5.0)
    timecop (0.9.1)

PLATFORMS
  ruby

DEPENDENCIES
  bundler (~> 1.16.a)
  data_provider!
  minitest (~> 5.0)
  rake (~> 10.0)
  timecop (~> 0.9)

BUNDLED WITH
   1.16.0.pre.3
